GEM
  remote: https://rubygems.org/
  specs:
    actioncable (7.0.5)
      actionpack (= 7.0.5)
      activesupport (= 7.0.5)
      nio4r (~> 2.0)
      websocket-driver (>= 0.6.1)
    actionmailbox (7.0.5)
      actionpack (= 7.0.5)
      activejob (= 7.0.5)
      activerecord (= 7.0.5)
      activestorage (= 7.0.5)
      activesupport (= 7.0.5)
      mail (>= 2.7.1)
      net-imap
      net-pop
      net-smtp
    actionmailer (7.0.5)
      actionpack (= 7.0.5)
      actionview (= 7.0.5)
      activejob (= 7.0.5)
      activesupport (= 7.0.5)
      mail (~> 2.5, >= 2.5.4)
      net-imap
      net-pop
      net-smtp
      rails-dom-testing (~> 2.0)
    actionpack (7.0.5)
      actionview (= 7.0.5)
      activesupport (= 7.0.5)
      rack (~> 2.0, >= 2.2.4)
      rack-test (>= 0.6.3)
      rails-dom-testing (~> 2.0)
      rails-html-sanitizer (~> 1.0, >= 1.2.0)
    actiontext (7.0.5)
      actionpack (= 7.0.5)
      activerecord (= 7.0.5)
      activestorage (= 7.0.5)
      activesupport (= 7.0.5)
      globalid (>= 0.6.0)
      nokogiri (>= 1.8.5)
    actionview (7.0.5)
      activesupport (= 7.0.5)
      builder (~> 3.1)
      erubi (~> 1.4)
      rails-dom-testing (~> 2.0)
      rails-html-sanitizer (~> 1.1, >= 1.2.0)
    active_model_serializers (0.10.13)
      actionpack (>= 4.1, < 7.1)
      activemodel (>= 4.1, < 7.1)
      case_transform (>= 0.2)
      jsonapi-renderer (>= 0.1.1.beta1, < 0.3)
    activejob (7.0.5)
      activesupport (= 7.0.5)
      globalid (>= 0.3.6)
    activemodel (7.0.5)
      activesupport (= 7.0.5)
    activerecord (7.0.5)
      activemodel (= 7.0.5)
      activesupport (= 7.0.5)
    activestorage (7.0.5)
      actionpack (= 7.0.5)
      activejob (= 7.0.5)
      activerecord (= 7.0.5)
      activesupport (= 7.0.5)
      marcel (~> 1.0)
      mini_mime (>= 1.1.0)
    activesupport (7.0.5)
      concurrent-ruby (~> 1.0, >= 1.0.2)
      i18n (>= 1.6, < 2)
      minitest (>= 5.1)
      tzinfo (~> 2.0)
    attr_encrypted (4.0.0)
      encryptor (~> 3.0.0)
    aws-eventstream (1.2.0)
    aws-partitions (1.776.0)
    aws-sdk-core (3.174.0)
      aws-eventstream (~> 1, >= 1.0.2)
      aws-partitions (~> 1, >= 1.651.0)
      aws-sigv4 (~> 1.5)
      jmespath (~> 1, >= 1.6.1)
    aws-sdk-kms (1.66.0)
      aws-sdk-core (~> 3, >= 3.174.0)
      aws-sigv4 (~> 1.1)
    aws-sdk-s3 (1.123.1)
      aws-sdk-core (~> 3, >= 3.174.0)
      aws-sdk-kms (~> 1)
      aws-sigv4 (~> 1.4)
    aws-sigv4 (1.5.2)
      aws-eventstream (~> 1, >= 1.0.2)
    bcrypt (3.1.18)
    bootsnap (1.16.0)
      msgpack (~> 1.2)
    builder (3.2.4)
    case_transform (0.2)
      activesupport
    concurrent-ruby (1.2.2)
    crass (1.0.6)
    date (3.3.3)
    debug (1.8.0)
      irb (>= 1.5.0)
      reline (>= 0.3.1)
    dotenv (2.8.1)
    dotenv-rails (2.8.1)
      dotenv (= 2.8.1)
      railties (>= 3.2)
    encryptor (3.0.0)
    erubi (1.12.0)
    faraday (2.7.6)
      faraday-net_http (>= 2.0, < 3.1)
      ruby2_keywords (>= 0.0.4)
    faraday-net_http (3.0.2)
    globalid (1.1.0)
      activesupport (>= 5.0)
    i18n (1.14.1)
      concurrent-ruby (~> 1.0)
    io-console (0.6.0)
    irb (1.7.0)
      reline (>= 0.3.0)
    jbuilder (2.11.5)
      actionview (>= 5.0.0)
      activesupport (>= 5.0.0)
    jmespath (1.6.2)
    jsonapi-renderer (0.2.2)
    jwt (2.7.0)
    loofah (2.21.3)
      crass (~> 1.0.2)
      nokogiri (>= 1.12.0)
    mail (2.8.1)
      mini_mime (>= 0.1.1)
      net-imap
      net-pop
      net-smtp
    marcel (1.0.2)
    method_source (1.0.0)
    mini_mime (1.1.2)
    minitest (5.18.0)
    msgpack (1.7.1)
    net-imap (0.3.4)
      date
      net-protocol
    net-pop (0.1.2)
      net-protocol
    net-protocol (0.2.1)
      timeout
    net-smtp (0.3.3)
      net-protocol
    nio4r (2.5.9)
    nokogiri (1.15.2-x86_64-linux)
      racc (~> 1.4)
    pg (1.5.3)
    puma (5.6.5)
      nio4r (~> 2.0)
    racc (1.6.2)
    rack (2.2.7)
    rack-attack (6.6.1)
      rack (>= 1.0, < 3)
    rack-cors (2.0.1)
      rack (>= 2.0.0)
    rack-test (2.1.0)
      rack (>= 1.3)
    rails (7.0.5)
      actioncable (= 7.0.5)
      actionmailbox (= 7.0.5)
      actionmailer (= 7.0.5)
      actionpack (= 7.0.5)
      actiontext (= 7.0.5)
      actionview (= 7.0.5)
      activejob (= 7.0.5)
      activemodel (= 7.0.5)
      activerecord (= 7.0.5)
      activestorage (= 7.0.5)
      activesupport (= 7.0.5)
      bundler (>= 1.15.0)
      railties (= 7.0.5)
    rails-dom-testing (2.0.3)
      activesupport (>= 4.2.0)
      nokogiri (>= 1.6)
    rails-html-sanitizer (1.6.0)
      loofah (~> 2.21)
      nokogiri (~> 1.14)
    railties (7.0.5)
      actionpack (= 7.0.5)
      activesupport (= 7.0.5)
      method_source
      rake (>= 12.2)
      thor (~> 1.0)
      zeitwerk (~> 2.5)
    rake (13.0.6)
    reline (0.3.5)
      io-console (~> 0.5)
    ruby2_keywords (0.0.5)
    ruby_http_client (3.5.5)
    sendgrid-ruby (6.6.2)
      ruby_http_client (~> 3.4)
    thor (1.2.2)
    timeout (0.3.2)
    twilio-ruby (6.0.2)
      faraday (>= 0.9, < 3.0)
      jwt (>= 1.5, < 3.0)
      nokogiri (>= 1.6, < 2.0)
    tzinfo (2.0.6)
      concurrent-ruby (~> 1.0)
    websocket-driver (0.7.5)
      websocket-extensions (>= 0.1.0)
    websocket-extensions (0.1.5)
    zeitwerk (2.6.8)

PLATFORMS
  x86_64-linux

DEPENDENCIES
  active_model_serializers
  attr_encrypted
  aws-sdk-s3
  bcrypt (~> 3.1.7)
  bootsnap
  debug
  dotenv-rails
  jbuilder
  jwt
  pg (~> 1.1)
  puma (~> 5.0)
  rack-attack
  rack-cors
  rails (~> 7.0.5)
  sendgrid-ruby
  twilio-ruby
  tzinfo-data

RUBY VERSION
   ruby 3.1.1p18

BUNDLED WITH
   2.3.26
